PATH
  remote: .
  specs:
    bootstrap-bookingsync-sass (1.0.3)
      bootstrap-sass (>= 3.3.5)

GEM
  remote: https://rubygems.org/
  specs:
    autoprefixer-rails (6.7.7.1)
      execjs
    bootstrap-sass (3.3.7)
      autoprefixer-rails (>= 5.2.1)
      sass (>= 3.3.4)
    execjs (2.7.0)
    sass (3.4.23)

PLATFORMS
  ruby

DEPENDENCIES
  bootstrap-bookingsync-sass!

BUNDLED WITH
   1.14.6
